GEM
  remote: https://rubygems.org/
  specs:
    line-bot-api (1.3.0)

PLATFORMS
  ruby

DEPENDENCIES
  line-bot-api (~> 1.3)

BUNDLED WITH
   1.17.2
